GEM
  remote: https://rubygems.org/
  specs:
    actionmailer (3.2.13)
      actionpack (= 3.2.13)
      mail (~> 2.5.3)
    actionpack (3.2.13)
      activemodel (= 3.2.13)
      activesupport (= 3.2.13)
      builder (~> 3.0.0)
      erubis (~> 2.7.0)
      journey (~> 1.0.4)
      rack (~> 1.4.5)
      rack-cache (~> 1.2)
      rack-test (~> 0.6.1)
      sprockets (~> 2.2.1)
    activeadmin (0.4.4)
      bourbon (>= 1.0.0)
      devise (>= 1.1.2)
      fastercsv
      formtastic (~> 2.1.1)
      inherited_resources (>= 1.3.1)
      jquery-rails (>= 1.0.0)
      kaminari (>= 0.13.0)
      meta_search (>= 0.9.2)
      rails (>= 3.0.0)
      sass (>= 3.1.0)
    activemodel (3.2.13)
      activesupport (= 3.2.13)
      builder (~> 3.0.0)
    activerecord (3.2.13)
      activemodel (= 3.2.13)
      activesupport (= 3.2.13)
      arel (~> 3.0.2)
      tzinfo (~> 0.3.29)
    activeresource (3.2.13)
      activemodel (= 3.2.13)
      activesupport (= 3.2.13)
    activesupport (3.2.13)
      i18n (= 0.6.1)
      multi_json (~> 1.0)
    addressable (2.2.8)
    airbrake (3.1.6)
      builder
      girl_friday
    arel (3.0.2)
    aws-sdk (1.7.1)
      httparty (~> 0.7)
      json (~> 1.4)
      nokogiri (>= 1.4.4)
      uuidtools (~> 2.1)
    bcrypt-ruby (3.0.1)
    bcrypt-ruby (3.0.1-x86-mingw32)
    better_errors (0.0.8)
      coderay
      erubis
    binding_of_caller (0.6.8)
    bourbon (2.1.2)
      sass (>= 3.2)
      thor
    bourne (1.1.2)
      mocha (= 0.10.5)
    builder (3.0.4)
    capybara (1.1.2)
      mime-types (>= 1.16)
      nokogiri (>= 1.3.3)
      rack (>= 1.0.0)
      rack-test (>= 0.5.4)
      selenium-webdriver (~> 2.0)
      xpath (~> 0.1.4)
    childprocess (0.3.2)
      ffi (~> 1.0.6)
    chunky_png (1.2.6)
    cocaine (0.4.2)
    coderay (1.0.8)
    coffee-rails (3.2.2)
      coffee-script (>= 2.2.0)
      railties (~> 3.2.0)
    coffee-script (2.2.0)
      coffee-script-source
      execjs
    coffee-script-source (1.4.0)
    compass (0.12.2)
      chunky_png (~> 1.2)
      fssm (>= 0.2.7)
      sass (~> 3.1)
    compass-rails (1.0.3)
      compass (>= 0.12.2, < 0.14)
    connection_pool (0.9.2)
    daemons (1.1.9)
    dalli (2.6.0)
    devise (2.1.0)
      bcrypt-ruby (~> 3.0)
      orm_adapter (~> 0.0.7)
      railties (~> 3.1)
      warden (~> 1.1.1)
    diff-lcs (1.1.3)
    draper (0.18.0)
      actionpack (~> 3.2)
      activesupport (~> 3.2)
    erubis (2.7.0)
    eventmachine (1.0.0)
    eventmachine (1.0.0-x86-mingw32)
    execjs (1.4.0)
      multi_json (~> 1.0)
    factory_girl (3.4.0)
      activesupport (>= 3.0.0)
    factory_girl_rails (3.4.0)
      factory_girl (~> 3.4.0)
      railties (>= 3.0.0)
    faker (1.0.1)
      i18n (~> 0.4)
    fastercsv (1.5.5)
    ffi (1.0.11)
    formtastic (2.1.1)
      actionpack (~> 3.0)
    friendly_id (4.0.9)
    fssm (0.2.9)
    gibbon (0.4.2)
      httparty
      json
    girl_friday (0.11.1)
      connection_pool (~> 0.9.0)
      rubinius-actor
    has_scope (0.5.1)
    hike (1.2.2)
    httparty (0.9.0)
      multi_json (~> 1.0)
      multi_xml
    i18n (0.6.1)
    inherited_resources (1.3.1)
      has_scope (~> 0.5.0)
      responders (~> 0.6)
    journey (1.0.4)
    jquery-rails (2.0.2)
      railties (>= 3.2.0, < 5.0)
      thor (~> 0.14)
    json (1.7.7)
    kaminari (0.13.0)
      actionpack (>= 3.0.0)
      activesupport (>= 3.0.0)
      railties (>= 3.0.0)
    libv8 (3.11.8.13)
    libwebsocket (0.1.3)
      addressable
    mail (2.5.3)
      i18n (>= 0.4.0)
      mime-types (~> 1.16)
      treetop (~> 1.4.8)
    meta_search (1.1.3)
      actionpack (~> 3.1)
      activerecord (~> 3.1)
      activesupport (~> 3.1)
      polyamorous (~> 0.5.0)
    metaclass (0.0.1)
    mime-types (1.23)
    mobile-fu (1.1.1)
      rack-mobile-detect
      rails
    mocha (0.10.5)
      metaclass (~> 0.0.1)
    modular-scale (1.0.2)
      compass (>= 0.11.5)
      sassy-math (>= 1.2)
    multi_json (1.7.3)
    multi_xml (0.5.1)
    neat (1.0.2)
      bourbon (>= 2.1)
      sass (>= 3.2)
    newrelic_rpm (3.5.3.25)
    nokogiri (1.5.4)
    nokogiri (1.5.4-x86-mingw32)
    orm_adapter (0.0.7)
    paperclip (3.3.1)
      activemodel (>= 3.0.0)
      activerecord (>= 3.0.0)
      activesupport (>= 3.0.0)
      cocaine (~> 0.4.0)
      mime-types
    pg (0.14.1)
    pg (0.14.1-x86-mingw32)
    polyamorous (0.5.0)
      activerecord (~> 3.0)
    polyglot (0.3.3)
    puma (1.6.3)
      rack (~> 1.2)
    rack (1.4.5)
    rack-cache (1.2)
      rack (>= 0.4)
    rack-mobile-detect (0.4.0)
      rack
    rack-ssl (1.3.3)
      rack
    rack-test (0.6.2)
      rack (>= 1.0)
    rails (3.2.13)
      actionmailer (= 3.2.13)
      actionpack (= 3.2.13)
      activerecord (= 3.2.13)
      activeresource (= 3.2.13)
      activesupport (= 3.2.13)
      bundler (~> 1.0)
      railties (= 3.2.13)
    railties (3.2.13)
      actionpack (= 3.2.13)
      activesupport (= 3.2.13)
      rack-ssl (~> 1.3.2)
      rake (>= 0.8.7)
      rdoc (~> 3.4)
      thor (>= 0.14.6, < 2.0)
    rake (10.0.4)
    rdoc (3.12.2)
      json (~> 1.4)
    ref (1.0.2)
    responders (0.9.1)
      railties (~> 3.1)
    rspec (2.10.0)
      rspec-core (~> 2.10.0)
      rspec-expectations (~> 2.10.0)
      rspec-mocks (~> 2.10.0)
    rspec-core (2.10.1)
    rspec-expectations (2.10.0)
      diff-lcs (~> 1.1.3)
    rspec-mocks (2.10.1)
    rspec-rails (2.10.1)
      actionpack (>= 3.0)
      activesupport (>= 3.0)
      railties (>= 3.0)
      rspec (~> 2.10.0)
    rubinius-actor (0.0.2)
      rubinius-core-api
    rubinius-core-api (0.0.1)
    rubyzip (0.9.8)
    sass (3.2.5)
    sass-rails (3.2.6)
      railties (~> 3.2.0)
      sass (>= 3.1.10)
      tilt (~> 1.3)
    sassy-math (1.2)
      compass (~> 0.11)
    selenium-webdriver (2.22.2)
      childprocess (>= 0.2.5)
      ffi (~> 1.0)
      libwebsocket (~> 0.1.3)
      multi_json (~> 1.0)
      rubyzip
    shoulda-matchers (1.4.2)
      activesupport (>= 3.0.0)
      bourne (~> 1.1.2)
    simplecov (0.6.4)
      multi_json (~> 1.0)
      simplecov-html (~> 0.5.3)
    simplecov-html (0.5.3)
    slim (1.2.1)
      temple (~> 0.4.0)
      tilt (~> 1.3.3)
    slim-rails (1.0.3)
      actionpack (~> 3.0)
      activesupport (~> 3.0)
      railties (~> 3.0)
      slim (~> 1.0)
    sprockets (2.2.2)
      hike (~> 1.2)
      multi_json (~> 1.0)
      rack (~> 1.0)
      tilt (~> 1.1, != 1.3.0)
    sqlite3 (1.3.7)
    sqlite3 (1.3.7-x86-mingw32)
    strong_parameters (0.2.0)
      actionpack (~> 3.0)
      activemodel (~> 3.0)
      railties (~> 3.0)
    temple (0.4.0)
    textilize (0.0.4)
    therubyracer (0.11.3)
      libv8 (~> 3.11.8.12)
      ref
    thin (1.5.0)
      daemons (>= 1.0.9)
      eventmachine (>= 0.12.6)
      rack (>= 1.0.0)
    thor (0.18.1)
    tilt (1.3.7)
    treetop (1.4.12)
      polyglot
      polyglot (>= 0.3.1)
    tzinfo (0.3.37)
    uglifier (1.2.4)
      execjs (>= 0.3.0)
      multi_json (>= 1.0.2)
    uuidtools (2.1.3)
    warden (1.1.1)
      rack (>= 1.0)
    xpath (0.1.4)
      nokogiri (~> 1.3)
    zurb-foundation (3.0.9)
      compass (>= 0.12.2)
      modular-scale (>= 1.0.2)
      rake
      sass (>= 3.2.0)

PLATFORMS
  ruby
  x86-mingw32

DEPENDENCIES
  activeadmin (= 0.4.4)
  airbrake (= 3.1.6)
  aws-sdk (= 1.7.1)
  better_errors (= 0.0.8)
  binding_of_caller (= 0.6.8)
  bourbon (= 2.1.2)
  capybara
  coffee-rails (= 3.2.2)
  compass-rails (= 1.0.3)
  dalli (= 2.6.0)
  draper (= 0.18.0)
  factory_girl_rails (= 3.4.0)
  faker (= 1.0.1)
  friendly_id (= 4.0.9)
  gibbon (= 0.4.2)
  jquery-rails
  mobile-fu (= 1.1.1)
  neat (= 1.0.2)
  newrelic_rpm (= 3.5.3.25)
  paperclip (= 3.3.1)
  pg
  puma (= 1.6.3)
  rails (= 3.2.13)
  rspec-rails (= 2.10.1)
  sass (= 3.2.5)
  sass-rails (= 3.2.6)
  shoulda-matchers (= 1.4.2)
  simplecov
  slim (= 1.2.1)
  slim-rails (= 1.0.3)
  sqlite3
  strong_parameters (= 0.2.0)
  textilize
  therubyracer
  thin
  uglifier (>= 1.0.3)
  zurb-foundation (= 3.0.9)
